GEM
  remote: https://rubygems.org/
  specs:
    dydx (0.2.7000001)

PLATFORMS
  x86_64-linux

DEPENDENCIES
  dydx

BUNDLED WITH
   2.3.15
